GEM
  remote: https://rubygems.org/
  specs:
    mini_portile2 (2.1.0)
    nokogiri (1.7.2)
      mini_portile2 (~> 2.1.0)
    sentiwordnet_ruby (0.0.1)

PLATFORMS
  ruby

DEPENDENCIES
  nokogiri
  sentiwordnet_ruby

BUNDLED WITH
   1.14.6
